{
  "AcquisitionMatrixPE": 72,
  "AcquisitionNumber": 1,
  "BandwidthPerPixelPhaseEncode": 56.689,
  "BaseResolution": 72,
  "BodyPartExamined": "HEAD",
  "CogAtlasID": "TODO",
  "ConsistencyInfo": "N4_VD13D_LATEST_20130810",
  "ConversionSoftware": "dcm2niix",
  "ConversionSoftwareVersion": "v1.0.20171215 (OpenJPEG build) GCC6.3.0",
  "DerivedVendorReportedEchoSpacing": 0.000490003,
  "DeviceSerialNumber": "66017",
  "DwellTime": 2.8e-06,
  "EchoTime": 0.03,
  "EchoTrainLength": 36,
  "EffectiveEchoSpacing": 0.000245001,
  "FlipAngle": 90,
  "ImageOrientationPatientDICOM": [1, -5.441e-06, -1.08581e-05, -2.85148e-08, 0.892978, -0.4501],
  "ImageType": [
    "ORIGINAL",
    "PRIMARY",
    "M",
    "ND",
    "MOSAIC"
],
  "InPlanePhaseEncodingDirectionDICOM": "COL",
  "InstitutionAddress": "Leipziger_Str._44_Magdeburg_District_DE_39120",
  "InstitutionName": "Neurologie",
  "InstitutionalDepartmentName": "Department",
  "MRAcquisitionType": "2D",
  "MagneticFieldStrength": 3,
  "Manufacturer": "Siemens",
  "ManufacturersModelName": "Prisma",
  "Modality": "MR",
  "ParallelReductionFactorInPlane": 2,
  "PartialFourier": 1,
  "PatientPosition": "HFS",
  "PercentPhaseFOV": 100,
  "PhaseEncodingDirection": "j-",
  "PhaseEncodingSteps": 72,
  "PhaseResolution": 1,
  "PixelBandwidth": 2480,
  "ProcedureStepDescription": "Yakupov_Renat_PS_MVPA",
  "PulseSequenceDetails": "%SiemensSeq%_ep2d_bold",
  "ReceiveCoilActiveElements": "HC1-7",
  "ReceiveCoilName": "HeadNeck_64",
  "ReconMatrixPE": 72,
  "RepetitionTime": 2,
  "SAR": 0.0877134,
  "ScanOptions": "FS",
  "ScanningSequence": "EP",
  "SequenceName": "_epfid2d1_72",
  "SequenceVariant": "SK",
  "ShimSetting": [-4061, -6053, -495, 272, -6, -3, -120, -17],
  "SliceThickness": 3,
  "SoftwareVersions": "syngo_MR_D13D",
  "SpacingBetweenSlices": 3.3,
  "StationName": "AWP66017",
  "TaskName": "Central fixation",
  "TaskDescription": "Stimulation with visual oriented gratings with a central fixation task",
  "CogAtlasID": "trm_4c898f72228f3",
  "TotalReadoutTime": 0.0173951,
  "TxRefAmp": 245.757}
