{
  "AcquisitionMatrixPE": 108,
  "AcquisitionNumber": 1,
  "BandwidthPerPixelPhaseEncode": 16.534,
  "BaseResolution": 108,
  "BodyPartExamined": "HEAD",
  "CogAtlasID": "TODO",
  "ConsistencyInfo": "N4_VD13D_LATEST_20130810",
  "ConversionSoftware": "dcm2niix",
  "ConversionSoftwareVersion": "v1.0.20171215 (OpenJPEG build) GCC6.3.0",
  "DerivedVendorReportedEchoSpacing": 0.000560013,
  "DeviceSerialNumber": "66017",
  "DwellTime": 2.1e-06,
  "EchoTime": 0.03,
  "EchoTrainLength": 95,
  "EffectiveEchoSpacing": 0.000560013,
  "FlipAngle": 90,
  "ImageComments": "Unaliased_MB2_PE2_LB_SENSE1",
  "ImageOrientationPatientDICOM": [1, 0, 0, 0, 0.881303, -0.472551],
  "ImageType": [
    "ORIGINAL",
    "PRIMARY",
    "M",
    "MB",
    "ND",
    "MOSAIC"
],
  "InPlanePhaseEncodingDirectionDICOM": "COL",
  "InstitutionAddress": "Leipziger_Str._44_Magdeburg_District_DE_39120",
  "InstitutionName": "Neurologie",
  "InstitutionalDepartmentName": "Department",
  "MRAcquisitionType": "2D",
  "MagneticFieldStrength": 3,
  "Manufacturer": "Siemens",
  "ManufacturersModelName": "Prisma",
  "Modality": "MR",
  "MultibandAccelerationFactor": 2,
  "PartialFourier": 0.875,
  "PatientPosition": "HFS",
  "PercentPhaseFOV": 100,
  "PhaseEncodingDirection": "j-",
  "PhaseEncodingSteps": 95,
  "PhaseResolution": 1,
  "PixelBandwidth": 2205,
  "ProcedureStepDescription": "Yakupov_Renat_PS_MVPA",
  "PulseSequenceDetails": "%CustomerSeq%_cmrr_mbep2d_bold",
  "ReceiveCoilActiveElements": "HC1-7",
  "ReceiveCoilName": "HeadNeck_64",
  "ReconMatrixPE": 108,
  "RepetitionTime": 2,
  "SAR": 0.0286013,
  "ScanOptions": "PFP_FS",
  "ScanningSequence": "EP",
  "SequenceName": "epfid2d1_108",
  "SequenceVariant": "SK_SS",
  "ShimSetting": [-4062, -6084, -485, 290, -45, -73, 78, -28],
  "SliceThickness": 2,
  "SoftwareVersions": "syngo_MR_D13D",
  "SpacingBetweenSlices": 2.2,
  "StationName": "AWP66017",
  "TaskName": "TODO: full task name for orientation",
  "TotalReadoutTime": 0.0599214,
  "TxRefAmp": 241.029}