{
  "AcquisitionMatrixPE": 150,
  "AcquisitionNumber": 1,
  "BandwidthPerPixelPhaseEncode": 28.571,
  "BaseResolution": 150,
  "BodyPartExamined": "HEAD",
  "CogAtlasID": "TODO",
  "ConsistencyInfo": "N4_VD13D_LATEST_20130810",
  "ConversionSoftware": "dcm2niix",
  "ConversionSoftwareVersion": "v1.0.20171215 (OpenJPEG build) GCC6.3.0",
  "DerivedVendorReportedEchoSpacing": 0.00070001,
  "DeviceSerialNumber": "66017",
  "DwellTime": 2e-06,
  "EchoTime": 0.03,
  "EchoTrainLength": 49,
  "EffectiveEchoSpacing": 0.000233337,
  "FlipAngle": 90,
  "ImageOrientationPatientDICOM": [1, -1.79108e-06, -3.53891e-06, 1.34554e-08, 0.893762, -0.448541],
  "ImageType": [
    "ORIGINAL",
    "PRIMARY",
    "M",
    "ND",
    "MOSAIC"
],
  "InPlanePhaseEncodingDirectionDICOM": "COL",
  "InstitutionAddress": "Leipziger_Str._44_Magdeburg_District_DE_39120",
  "InstitutionName": "Neurologie",
  "InstitutionalDepartmentName": "Department",
  "MRAcquisitionType": "2D",
  "MagneticFieldStrength": 3,
  "Manufacturer": "Siemens",
  "ManufacturersModelName": "Prisma",
  "Modality": "MR",
  "ParallelReductionFactorInPlane": 3,
  "PartialFourier": 1,
  "PatientPosition": "HFS",
  "PercentPhaseFOV": 100,
  "PhaseEncodingDirection": "j-",
  "PhaseEncodingSteps": 148,
  "PhaseResolution": 1,
  "PixelBandwidth": 1665,
  "ProcedureStepDescription": "Yakupov_Renat_PS_MVPA",
  "PulseSequenceDetails": "%SiemensSeq%_ep2d_bold",
  "ReceiveCoilActiveElements": "HC1-7",
  "ReceiveCoilName": "HeadNeck_64",
  "ReconMatrixPE": 150,
  "RepetitionTime": 2,
  "SAR": 0.0391429,
  "ScanOptions": "FS",
  "ScanningSequence": "EP",
  "SequenceName": "_epfid2d1_150",
  "SequenceVariant": "SK",
  "ShimSetting": [-4064, -6098, -488, 278, -33, -99, 65, -18],
  "SliceThickness": 1.4,
  "SoftwareVersions": "syngo_MR_D13D",
  "SpacingBetweenSlices": 1.54,
  "StationName": "AWP66017",
  "TaskName": "Central fixation",
  "TaskDescription": "Stimulation with visual oriented gratings with a central fixation task",
  "CogAtlasID": "trm_4c898f72228f3",
  "TotalReadoutTime": 0.0347672,
  "TxRefAmp": 241.963}
