{
  "AcquisitionMatrixPE": 108,
  "AcquisitionNumber": 1,
  "BandwidthPerPixelPhaseEncode": 34.294,
  "BaseResolution": 108,
  "BodyPartExamined": "HEAD",
  "CogAtlasID": "TODO",
  "ConsistencyInfo": "N4_VD13D_LATEST_20130810",
  "ConversionSoftware": "dcm2niix",
  "ConversionSoftwareVersion": "v1.0.20171215 (OpenJPEG build) GCC6.3.0",
  "DerivedVendorReportedEchoSpacing": 0.000539993,
  "DeviceSerialNumber": "66017",
  "DwellTime": 2.1e-06,
  "EchoTime": 0.03,
  "EchoTrainLength": 53,
  "EffectiveEchoSpacing": 0.000269996,
  "FlipAngle": 90,
  "ImageOrientationPatientDICOM": [1, -0.000100308, -0.000179771, 3.70649e-08, 0.873347, -0.487099],
  "ImageType": [
    "ORIGINAL",
    "PRIMARY",
    "M",
    "ND",
    "MOSAIC"
],
  "InPlanePhaseEncodingDirectionDICOM": "COL",
  "InstitutionAddress": "Leipziger_Str._44_Magdeburg_District_DE_39120",
  "InstitutionName": "Neurologie",
  "InstitutionalDepartmentName": "Department",
  "MRAcquisitionType": "2D",
  "MagneticFieldStrength": 3,
  "Manufacturer": "Siemens",
  "ManufacturersModelName": "Prisma",
  "Modality": "MR",
  "ParallelReductionFactorInPlane": 2,
  "PartialFourier": 1,
  "PatientPosition": "HFS",
  "PercentPhaseFOV": 100,
  "PhaseEncodingDirection": "j-",
  "PhaseEncodingSteps": 107,
  "PhaseResolution": 1,
  "PixelBandwidth": 2205,
  "ProcedureStepDescription": "Yakupov_Renat_PS_MVPA",
  "PulseSequenceDetails": "%SiemensSeq%_ep2d_bold",
  "ReceiveCoilActiveElements": "HC1-7",
  "ReceiveCoilName": "HeadNeck_64",
  "ReconMatrixPE": 108,
  "RepetitionTime": 2,
  "SAR": 0.0724065,
  "ScanOptions": "FS",
  "ScanningSequence": "EP",
  "SequenceName": "_epfid2d1_108",
  "SequenceVariant": "SK",
  "ShimSetting": [-4074, -6096, -476, 300, -90, -40, 124, -21],
  "SliceThickness": 2,
  "SoftwareVersions": "syngo_MR_D13D",
  "SpacingBetweenSlices": 2.2,
  "StationName": "AWP66017",
  "TaskName": "TODO: full task name for orientation",
  "TotalReadoutTime": 0.0288896,
  "TxRefAmp": 239.384}